GEM
  remote: http://rubygems.org/
  specs:
    hpricot (0.8.4)
    rack (1.3.0)
    sinatra (1.2.6)
      rack (~> 1.1)
      tilt (>= 1.2.2, < 2.0)
    tilt (1.3.2)

PLATFORMS
  ruby

DEPENDENCIES
  hpricot
  sinatra
